GEM
  remote: https://rubygems.org/
  specs:
    coderay (1.1.3)
    date (3.3.4)
    diff-lcs (1.5.0)
    method_source (1.0.0)
    pry (0.14.2)
      coderay (~> 1.1)
      method_source (~> 1.0)
    rspec (3.12.0)
      rspec-core (~> 3.12.0)
      rspec-expectations (~> 3.12.0)
      rspec-mocks (~> 3.12.0)
    rspec-core (3.12.2)
      rspec-support (~> 3.12.0)
    rspec-expectations (3.12.3)
      diff-lcs (>= 1.2.0, < 2.0)
      rspec-support (~> 3.12.0)
    rspec-mocks (3.12.6)
      diff-lcs (>= 1.2.0, < 2.0)
      rspec-support (~> 3.12.0)
    rspec-support (3.12.1)
    time (0.3.0)
      date

PLATFORMS
  arm64-darwin-23
  ruby

DEPENDENCIES
  bundler
  pry
  rspec
  time

RUBY VERSION
   ruby 3.3.0p0

BUNDLED WITH
   2.5.4
